RESTRICTION: == net45
NUGET
  remote: https://vrvis.myget.org/F/aardvark_public/api/v3/index.json
    Aardvark.Base (3.0.49)
      DevILSharp (>= 0.1.1 < 0.2)
    Aardvark.Base.Essentials (3.0.49)
      Aardvark.Base (>= 3.0.49)
      DevILSharp (>= 0.1.1 < 0.2)
      System.Collections.Immutable (>= 1.2)
      System.Reactive.Linq (>= 3.0 < 3.1)
    Aardvark.Base.FSharp (3.0.49)
      Aardvark.Base (>= 3.0.49)
      DevILSharp (>= 0.1.1 < 0.2)
      FSharp.Core (>= 4.0 < 4.1)
    Aardvark.Base.Incremental (3.0.49)
      Aardvark.Base (>= 3.0.49)
      Aardvark.Base.Essentials (>= 3.0.49)
      Aardvark.Base.FSharp (>= 3.0.49)
      DevILSharp (>= 0.1.1 < 0.2)
      FSharp.Core (>= 4.0 < 4.1)
      System.Reactive.Core (>= 3.0 < 3.1)
      System.Reactive.Interfaces (>= 3.0 < 3.1)
      System.Reactive.Linq (>= 3.0 < 3.1)
    Aardvark.Base.Runtime (3.0.49)
      Aardvark.Base (>= 3.0.49)
      Aardvark.Base.Essentials (>= 3.0.49)
      Aardvark.Base.FSharp (>= 3.0.49)
      Aardvark.Base.Incremental (>= 3.0.49)
      DevILSharp (>= 0.1.1 < 0.2)
      FSharp.Core (>= 4.0 < 4.1)
      System.Reactive.Core (>= 3.0 < 3.1)
      System.Reactive.Interfaces (>= 3.0 < 3.1)
      System.Reactive.Linq (>= 3.0 < 3.1)
    FShade (3.3.15)
      FShade.Core (3.3.15)
      FShade.GLSL (3.3.15)
      FShade.Imperative (3.3.15)
      FShade.SpirV (3.3.15)
    FShade.Core (3.3.15)
      Aardvark.Base (>= 3.0.48 < 3.1)
      Aardvark.Base.FSharp (>= 3.0.48 < 3.1)
      FShade.Imperative (>= 3.3.15)
      FSharp.Core (>= 4.0 < 4.1)
    FShade.Debug (3.3.15)
      Aardvark.Base (>= 3.0.48 < 3.1)
      Aardvark.Base.FSharp (>= 3.0.48 < 3.1)
      Aardvark.Base.Incremental (>= 3.0.48 < 3.1)
      FShade.Core (>= 3.3.15)
      FShade.GLSL (>= 3.3.15)
      FShade.Imperative (>= 3.3.15)
      FSharp.Compiler.Service (>= 9.0.1 < 9.1)
      FSharp.Core (>= 4.0 < 4.1)
    FShade.GLSL (3.3.15)
      Aardvark.Base (>= 3.0.48 < 3.1)
      Aardvark.Base.FSharp (>= 3.0.48 < 3.1)
      FShade.Core (>= 3.3.15)
      FShade.Imperative (>= 3.3.15)
      FSharp.Core (>= 4.0 < 4.1)
    FShade.Imperative (3.3.15)
      Aardvark.Base (>= 3.0.48 < 3.1)
      Aardvark.Base.FSharp (>= 3.0.48 < 3.1)
      FSharp.Core (>= 4.0 < 4.1)
      FsPickler (>= 4.0 < 4.1)
    FShade.SpirV (3.3.15)
      Aardvark.Base (>= 3.0.48 < 3.1)
      Aardvark.Base.FSharp (>= 3.0.48 < 3.1)
      FShade.Core (>= 3.3.15)
      FShade.Imperative (>= 3.3.15)
      FSharp.Core (>= 4.0 < 4.1)
  remote: https://api.nuget.org/v3/index.json
    DevILSharp (0.1.2)
      FSharp.Core (>= 4.0 < 4.1)
    FSharp.Compiler.Service (9.0.1)
      System.Collections.Immutable (>= 1.2)
      System.Reflection.Metadata (>= 1.4.1-beta-24227-04)
    FSharp.Compiler.Tools (4.1.29)
    FSharp.Core (4.0.0.1)
    FsPickler (4.0.1)
      FSharp.Compiler.Tools
      FSharp.Core (>= 3.1)
    Microsoft.NETCore.Platforms (2.0.1)
    NETStandard.Library (2.0.1)
      Microsoft.NETCore.Platforms (>= 1.1)
      System.Runtime.InteropServices.RuntimeInformation (>= 4.3)
    System.Collections.Immutable (1.4)
      NETStandard.Library (>= 1.6.1)
    System.Reactive.Core (3.0)
      System.Reactive.Interfaces (>= 3.0)
    System.Reactive.Interfaces (3.0)
    System.Reactive.Linq (3.0)
      System.Reactive.Core (>= 3.0)
      System.Reactive.Interfaces (>= 3.0)
    System.Reflection.Metadata (1.5)
      NETStandard.Library (>= 1.6.1)
      System.Collections.Immutable (>= 1.4)
    System.Runtime.InteropServices.RuntimeInformation (4.3)

GROUP Build
CONTENT: NONE
RESTRICTION: == net45
NUGET
  remote: https://api.nuget.org/v3/index.json
    FAKE (4.63.2) - content: none
    Mono.Cecil (0.10.0-beta7) - content: none
    SourceLink.Fake (1.1) - content: none
GITHUB
  remote: aardvark-platform/aardvark.fake
    FULLPROJECT (02934ce0408f1b142d08173c958a5501c36a8ff2)
      FAKE (>= 4.63 < 4.64)
      Mono.Cecil (>= 0.10.0-beta6 < 0.11)
      SourceLink.Fake (>= 1.1 < 1.2)